GIT
  remote: git://github.com/krohrbaugh/rack-pygmoku.git
  revision: 92b6d3d44b8493c9f410f55daf4467ef5188f51f
  specs:
    rack-pygmoku (0.1.1)
      nokogiri (~> 1.5.0)
      pygments.rb (~> 0.2.0)
      rack

GEM
  remote: https://rubygems.org/
  specs:
    RedCloth (4.2.9)
    blankslate (2.1.2.4)
    daemons (1.1.8)
    dalli (2.1.0)
    dotenv (0.11.1)
      dotenv-deployment (~> 0.0.2)
    dotenv-deployment (0.0.2)
    eventmachine (0.12.10)
    ffi (1.0.11)
    foreman (0.71.0)
      dotenv (~> 0.11.1)
      thor (~> 0.19.1)
    haml (3.1.6)
    maruku (0.6.0)
      syntax (>= 1.0.0)
    memcachier (0.0.2)
    nesta (0.9.11)
      RedCloth (~> 4.2)
      haml (~> 3.1)
      rdiscount (~> 1.6)
      sass (~> 3.1)
      shotgun (>= 0.8)
      sinatra (= 1.2.6)
    newrelic_rpm (3.4.0.1)
    nokogiri (1.5.5)
    pygments.rb (0.2.3)
      rubypython (>= 0.5.1)
    rack (1.4.1)
    rack-cache (1.2)
      rack (>= 0.4)
    rack-contrib (1.1.0)
      rack (>= 0.9.1)
    rack-rewrite (1.2.1)
    rdiscount (1.6.8)
    rubypython (0.5.1)
      blankslate (>= 2.1.2.3)
      ffi (~> 1.0.7)
    sass (3.1.20)
    shotgun (0.9)
      rack (>= 1.0)
    sinatra (1.2.6)
      rack (~> 1.1)
      tilt (>= 1.2.2, < 2.0)
    syntax (1.0.0)
    thin (1.4.1)
      daemons (>= 1.0.9)
      eventmachine (>= 0.12.6)
      rack (>= 1.0.0)
    thor (0.19.1)
    tilt (1.3.3)

PLATFORMS
  ruby

DEPENDENCIES
  dalli
  foreman
  maruku
  memcachier
  nesta (= 0.9.11)
  newrelic_rpm
  rack-cache
  rack-contrib
  rack-pygmoku!
  rack-rewrite
  rubypython (= 0.5.1)
  thin
