GIT
  remote: git://github.com/krohrbaugh/rack-pygmoku.git
  revision: 8ef8c473c01ea9751cf7820896b45269cf492f25
  specs:
    rack-pygmoku (0.1.0)
      nokogiri (~> 1.4)
      nokogiri (~> 1.4)
      pygments.rb (~> 0)
      pygments.rb (~> 0.1)
      rack

GEM
  remote: http://rubygems.org/
  specs:
    RedCloth (4.2.9)
    addressable (2.2.7)
    blankslate (2.1.2.4)
    daemons (1.1.8)
    dalli (2.0.2)
    eventmachine (0.12.10)
    ffi (1.0.11)
    foreman (0.41.0)
      thor (>= 0.13.6)
    haml (3.1.4)
    heroku (2.24.0)
      launchy (>= 0.3.2)
      netrc (~> 0.7.1)
      rest-client (~> 1.6.1)
      rubyzip
    launchy (2.1.0)
      addressable (~> 2.2.6)
    maruku (0.6.0)
      syntax (>= 1.0.0)
    mime-types (1.18)
    nesta (0.9.13)
      RedCloth (~> 4.2)
      haml (~> 3.1)
      rack (~> 1.1)
      rdiscount (~> 1.6)
      sass (~> 3.1)
      shotgun (>= 0.8)
      sinatra (~> 1.3)
    netrc (0.7.1)
    newrelic_rpm (3.3.3)
    nokogiri (1.5.2)
    pygments.rb (0.2.3)
      rubypython (>= 0.5.1)
    rack (1.4.1)
    rack-cache (1.2)
      rack (>= 0.4)
    rack-contrib (1.1.0)
      rack (>= 0.9.1)
    rack-protection (1.2.0)
      rack
    rack-rewrite (1.2.1)
    rdiscount (1.6.8)
    rest-client (1.6.7)
      mime-types (>= 1.16)
    rubypython (0.5.1)
      blankslate (>= 2.1.2.3)
      ffi (~> 1.0.7)
    rubyzip (0.9.7)
    sass (3.1.15)
    shotgun (0.9)
      rack (>= 1.0)
    sinatra (1.3.2)
      rack (~> 1.3, >= 1.3.6)
      rack-protection (~> 1.2)
      tilt (~> 1.3, >= 1.3.3)
    syntax (1.0.0)
    thin (1.3.1)
      daemons (>= 1.0.9)
      eventmachine (>= 0.12.6)
      rack (>= 1.0.0)
    thor (0.14.6)
    tilt (1.3.3)

PLATFORMS
  ruby

DEPENDENCIES
  dalli
  foreman
  heroku
  maruku
  nesta
  newrelic_rpm
  rack-cache
  rack-contrib
  rack-pygmoku!
  rack-rewrite
  rubypython (= 0.5.1)
  thin
